GEM
  remote: https://rubygems.org/
  specs:
    csv (3.1.9)

PLATFORMS
  x86_64-linux

DEPENDENCIES
  csv

BUNDLED WITH
   2.2.15
